PATH
  remote: .
  specs:
    foobara-ollama-api (1.0.2)
      foobara-cached-command (>= 1.0.0, < 2.0.0)
      foobara-http-api-command (< 2.0.0)

PATH
  remote: /home/miles/gitlocal/foobara/auth-http
  specs:
    foobara-auth-http (0.0.7)
      foobara (>= 0.1.0, < 2.0.0)
      foobara-auth (< 2.0.0)
      foobara-http-command-connector (< 2.0.0)

PATH
  remote: /home/miles/gitlocal/foobara/auth
  specs:
    foobara-auth (0.0.13)
      argon2
      foobara (>= 0.1.0, < 2.0.0)
      jwt

PATH
  remote: /home/miles/gitlocal/foobara/cached-command
  specs:
    foobara-cached-command (1.0.0)
      foobara (>= 0.1.0, < 2.0.0)

PATH
  remote: /home/miles/gitlocal/foobara/foobara
  specs:
    foobara (0.1.0)
      bigdecimal
      foobara-lru-cache (< 2.0.0)
      foobara-util (< 2.0.0)
      inheritable-thread-vars (< 2.0.0)

PATH
  remote: /home/miles/gitlocal/foobara/http-command-connector
  specs:
    foobara-http-command-connector (0.1.0)
      foobara (>= 0.1.0, < 2.0.0)

PATH
  remote: /home/miles/gitlocal/foobara/rack-connector
  specs:
    foobara-rack-connector (0.0.10)
      foobara (>= 0.1.0, < 2.0.0)
      foobara-http-command-connector (>= 0.1.0, < 2.0.0)
      rack

GEM
  remote: https://rubygems.org/
  specs:
    addressable (2.8.7)
      public_suffix (>= 2.0.2, < 7.0)
    argon2 (2.3.2)
      ffi (~> 1.15)
      ffi-compiler (~> 1.0)
    ast (2.4.3)
    base64 (0.3.0)
    bigdecimal (3.2.2)
    byebug (12.0.0)
    coderay (1.1.3)
    crack (1.0.0)
      bigdecimal
      rexml
    date (3.4.1)
    diff-lcs (1.6.2)
    docile (1.4.1)
    dotenv (3.1.8)
    erb (5.0.2)
    extract-repo (1.0.0)
      foobara (< 2.0.0)
      foobara-sh-cli-connector (< 2.0.0)
    ffi (1.17.2)
    ffi (1.17.2-aarch64-linux-gnu)
    ffi (1.17.2-aarch64-linux-musl)
    ffi (1.17.2-arm-linux-gnu)
    ffi (1.17.2-arm-linux-musl)
    ffi (1.17.2-arm64-darwin)
    ffi (1.17.2-x86-linux-gnu)
    ffi (1.17.2-x86-linux-musl)
    ffi (1.17.2-x86_64-darwin)
    ffi (1.17.2-x86_64-linux-gnu)
    ffi (1.17.2-x86_64-linux-musl)
    ffi-compiler (1.3.2)
      ffi (>= 1.15.5)
      rake
    foob (0.0.12)
      foobara
      foobara-command-generator
      foobara-domain-generator
      foobara-domain-mapper-generator
      foobara-empty-ruby-project-generator
      foobara-empty-typescript-react-project-generator
      foobara-local-files-crud-driver-generator
      foobara-organization-generator
      foobara-rack-connector-generator
      foobara-redis-crud-driver-generator
      foobara-remote-imports-generator
      foobara-resque-connector-generator
      foobara-resque-scheduler-connector-generator
      foobara-sh-cli-connector (~> 0.0.10)
      foobara-sh-cli-connector-generator
      foobara-type-generator
      foobara-typescript-react-command-form-generator
      foobara-typescript-remote-command-generator
    foobara-command-generator (0.0.3)
      foobara
      foobara-files-generator
    foobara-domain-generator (0.0.3)
      foobara
      foobara-files-generator
    foobara-domain-mapper-generator (0.0.4)
      foobara
      foobara-files-generator
    foobara-dotenv-loader (0.0.3)
      dotenv
    foobara-empty-ruby-project-generator (1.0.0)
      extract-repo (< 2.0.0)
      foobara (>= 0.0.136, < 2.0.0)
      foobara-files-generator (< 2.0.0)
    foobara-empty-typescript-react-project-generator (0.0.4)
      foobara
      foobara-files-generator
    foobara-files-generator (0.0.5)
      foobara
    foobara-http-api-command (0.0.9)
      foobara
    foobara-local-files-crud-driver-generator (0.0.3)
      foobara
      foobara-files-generator
    foobara-lru-cache (1.0.0)
    foobara-organization-generator (0.0.2)
      foobara
      foobara-files-generator
    foobara-rack-connector-generator (0.0.11)
      foobara
      foobara-files-generator
    foobara-redis-crud-driver-generator (0.0.4)
      foobara-files-generator (~> 0.0.1)
    foobara-remote-imports-generator (0.0.3)
      foobara
      foobara-files-generator
    foobara-resque-connector-generator (0.0.2)
      foobara
      foobara-files-generator
    foobara-resque-scheduler-connector-generator (0.0.2)
      foobara
      foobara-files-generator
    foobara-rubocop-rules (1.0.1)
      rubocop
      rubocop-rspec
    foobara-sh-cli-connector (0.0.12)
      foobara
    foobara-sh-cli-connector-generator (0.0.5)
      foobara-files-generator (~> 0.0.1)
    foobara-spec-helpers (0.0.4)
      foobara-util
    foobara-type-generator (0.0.4)
      foobara
      foobara-files-generator
    foobara-typescript-react-command-form-generator (0.0.13)
      foobara-typescript-remote-command-generator (< 2.0.0)
    foobara-typescript-remote-command-generator (1.0.1)
      foobara-files-generator (< 2.0.0)
    foobara-util (1.0.2)
    formatador (1.2.0)
      reline
    guard (2.19.1)
      formatador (>= 0.2.4)
      listen (>= 2.7, < 4.0)
      logger (~> 1.6)
      lumberjack (>= 1.0.12, < 2.0)
      nenv (~> 0.1)
      notiffany (~> 0.0)
      ostruct (~> 0.6)
      pry (>= 0.13.0)
      shellany (~> 0.0)
      thor (>= 0.18.1)
    guard-compat (1.2.1)
    guard-rspec (4.7.3)
      guard (~> 2.1)
      guard-compat (~> 1.1)
      rspec (>= 2.99.0, < 4.0)
    hashdiff (1.2.0)
    inheritable-thread-vars (0.0.3)
    io-console (0.8.1)
    irb (1.15.2)
      pp (>= 0.6.0)
      rdoc (>= 4.0.0)
      reline (>= 0.4.2)
    json (2.13.2)
    jwt (3.1.2)
      base64
    language_server-protocol (3.17.0.5)
    lint_roller (1.1.0)
    listen (3.9.0)
      rb-fsevent (~> 0.10, >= 0.10.3)
      rb-inotify (~> 0.9, >= 0.9.10)
    logger (1.7.0)
    lumberjack (1.4.0)
    method_source (1.1.0)
    nenv (0.3.0)
    notiffany (0.1.3)
      nenv (~> 0.1)
      shellany (~> 0.0)
    ostruct (0.6.3)
    parallel (1.27.0)
    parser (3.3.9.0)
      ast (~> 2.4.1)
      racc
    pp (0.6.2)
      prettyprint
    prettyprint (0.2.0)
    prism (1.4.0)
    pry (0.15.2)
      coderay (~> 1.1)
      method_source (~> 1.0)
    pry-byebug (3.11.0)
      byebug (~> 12.0)
      pry (>= 0.13, < 0.16)
    psych (5.2.6)
      date
      stringio
    public_suffix (6.0.2)
    racc (1.8.1)
    rack (3.2.0)
    rainbow (3.1.1)
    rake (13.3.0)
    rb-fsevent (0.11.2)
    rb-inotify (0.11.1)
      ffi (~> 1.0)
    rdoc (6.14.2)
      erb
      psych (>= 4.0.0)
    regexp_parser (2.11.2)
    reline (0.6.2)
      io-console (~> 0.5)
    rexml (3.4.1)
    rspec (3.13.1)
      rspec-core (~> 3.13.0)
      rspec-expectations (~> 3.13.0)
      rspec-mocks (~> 3.13.0)
    rspec-core (3.13.5)
      rspec-support (~> 3.13.0)
    rspec-expectations (3.13.5)
      diff-lcs (>= 1.2.0, < 2.0)
      rspec-support (~> 3.13.0)
    rspec-its (2.0.0)
      rspec-core (>= 3.13.0)
      rspec-expectations (>= 3.13.0)
    rspec-mocks (3.13.5)
      diff-lcs (>= 1.2.0, < 2.0)
      rspec-support (~> 3.13.0)
    rspec-support (3.13.4)
    rubocop (1.79.2)
      json (~> 2.3)
      language_server-protocol (~> 3.17.0.2)
      lint_roller (~> 1.1.0)
      parallel (~> 1.10)
      parser (>= 3.3.0.2)
      rainbow (>= 2.2.2, < 4.0)
      regexp_parser (>= 2.9.3, < 3.0)
      rubocop-ast (>= 1.46.0, < 2.0)
      ruby-progressbar (~> 1.7)
      unicode-display_width (>= 2.4.0, < 4.0)
    rubocop-ast (1.46.0)
      parser (>= 3.3.7.2)
      prism (~> 1.4)
    rubocop-rake (0.7.1)
      lint_roller (~> 1.1)
      rubocop (>= 1.72.1)
    rubocop-rspec (3.6.0)
      lint_roller (~> 1.1)
      rubocop (~> 1.72, >= 1.72.1)
    ruby-prof (1.7.2)
      base64
    ruby-progressbar (1.13.0)
    shellany (0.0.1)
    simplecov (0.22.0)
      docile (~> 1.1)
      simplecov-html (~> 0.11)
      simplecov_json_formatter (~> 0.1)
    simplecov-html (0.13.2)
    simplecov_json_formatter (0.1.4)
    stringio (3.1.7)
    thor (1.4.0)
    unicode-display_width (3.1.5)
      unicode-emoji (~> 4.0, >= 4.0.4)
    unicode-emoji (4.0.4)
    vcr (6.3.1)
      base64
    webmock (3.25.1)
      addressable (>= 2.8.0)
      crack (>= 0.3.2)
      hashdiff (>= 0.4.0, < 2.0.0)

PLATFORMS
  aarch64-linux-gnu
  aarch64-linux-musl
  arm-linux-gnu
  arm-linux-musl
  arm64-darwin
  ruby
  x86-linux-gnu
  x86-linux-musl
  x86_64-darwin
  x86_64-linux-gnu
  x86_64-linux-musl

DEPENDENCIES
  foob
  foobara!
  foobara-auth!
  foobara-auth-http!
  foobara-cached-command!
  foobara-dotenv-loader (< 2.0.0)
  foobara-http-command-connector!
  foobara-ollama-api!
  foobara-rack-connector!
  foobara-rubocop-rules
  foobara-spec-helpers
  guard-rspec
  irb
  pry
  pry-byebug
  rake
  rspec
  rspec-its
  rubocop-rake
  rubocop-rspec
  ruby-prof
  simplecov
  vcr
  webmock

RUBY VERSION
   ruby 3.4.3p32

BUNDLED WITH
   2.6.3
